GEM
  remote: https://rubygems.org/
  specs:
    activesupport (7.0.4)
      concurrent-ruby (~> 1.0, >= 1.0.2)
      i18n (>= 1.6, < 2)
      minitest (>= 5.1)
      tzinfo (~> 2.0)
    byebug (11.1.3)
    concurrent-ruby (1.1.10)
    i18n (1.12.0)
      concurrent-ruby (~> 1.0)
    language_server-protocol (3.17.0.2)
    minitest (5.17.0)
    nokogiri (1.13.10-x86_64-linux)
      racc (~> 1.4)
    prettier_print (1.2.0)
    racc (1.6.2)
    rmagick (4.3.0)
    rtesseract (3.1.2)
    ruby-lsp (0.3.7)
      language_server-protocol (~> 3.17.0)
      sorbet-runtime
      syntax_tree (>= 4.0.2, < 5.0.0)
    sorbet-runtime (0.5.10600)
    syntax_tree (4.3.0)
      prettier_print (>= 1.0.2)
    tzinfo (2.0.5)
      concurrent-ruby (~> 1.0)

PLATFORMS
  x86_64-linux

DEPENDENCIES
  activesupport
  byebug
  nokogiri
  rmagick
  rtesseract
  ruby-lsp (~> 0.3.7)

BUNDLED WITH
   2.3.22
